GEM
  remote: https://rubygems.org/
  specs:
    ffi (1.10.0)
    jekyll-watch (1.5.1)
      listen (~> 3.0)
    kramdown (1.17.0)
    listen (3.0.0)
      rb-fsevent (>= 0.9.3)
      rb-inotify (>= 0.9)
    rb-fsevent (0.10.3)
    rb-inotify (0.10.0)
      ffi (~> 1.0)

PLATFORMS
  ruby

DEPENDENCIES
  jekyll-watch (~> 1.5)
  kramdown
  listen (= 3.0)

BUNDLED WITH
   1.17.2
